GEM
  remote: https://rubygems.org/
  specs:
    aws-sdk (2.2.17)
      aws-sdk-resources (= 2.2.17)
    aws-sdk-core (2.2.17)
      jmespath (~> 1.0)
    aws-sdk-resources (2.2.17)
      aws-sdk-core (= 2.2.17)
    aws-sdk-utils (0.0.5)
      aws-sdk (= 2.2.17)
      cfndsl (= 0.4.0)
      trollop (= 2.1.2)
    cfndsl (0.4.0)
    jenkins_api_client (1.5.3)
      json (>= 1.0)
      mixlib-shellout (>= 1.1.0)
      nokogiri (~> 1.6)
      socksify (>= 1.7.0)
      terminal-table (>= 1.4.0)
      thor (>= 0.16.0)
    jmespath (1.1.3)
    json (2.1.0)
    mini_portile2 (2.4.0)
    mixlib-shellout (2.4.4)
    nokogiri (1.9.1)
      mini_portile2 (~> 2.4.0)
    socksify (1.7.1)
    terminal-table (1.8.0)
      unicode-display_width (~> 1.1, >= 1.1.1)
    thor (0.20.3)
    trollop (2.1.2)
    unicode-display_width (1.4.1)

PLATFORMS
  ruby

DEPENDENCIES
  aws-sdk-utils
  cfndsl
  jenkins_api_client

BUNDLED WITH
   1.16.1
